GEM
  remote: http://rubygems.org/
  specs:
    daemons (1.1.9)

PLATFORMS
  ruby

DEPENDENCIES
  daemons
