GEM
  specs:
    multi_json (1.8.0)

PLATFORMS
  ruby

DEPENDENCIES
  multi_json
