GEM
  remote: http://rubygems.org/
  specs:
    addressable (2.3.5)
    crack (0.4.1)
      safe_yaml (~> 0.9.0)
    daemons (1.1.9)
    diff-lcs (1.2.4)
    multi_json (1.8.0)
    safe_yaml (0.9.7)

PLATFORMS
  ruby

DEPENDENCIES
  daemons
  multi_json
