GEM
  remote: http://rubygems.org/
  specs:
    daemons (1.1.9)
    diff-lcs (1.1.3)
    multi_json (1.8.0)

PLATFORMS
  ruby

DEPENDENCIES
  daemons
  multi_json
